GIT
  remote: git://github.com/test-kitchen/test-kitchen.git
  revision: 237efd17dbcafd0c1334134e3f26b050f2ef49d5
  ref: 237efd17dbcafd0c1334134e3f26b050f2ef49d5
  specs:
    test-kitchen (1.2.2.dev)
      mixlib-shellout (>= 1.2, < 3.0)
      net-scp (~> 1.1)
      net-ssh (~> 2.7)
      safe_yaml (~> 1.0)
      thor (~> 0.18)

GEM
  remote: https://rubygems.org/
  specs:
    kitchen-docker_cli (0.3.0)
      test-kitchen
    mixlib-shellout (2.0.1)
    net-scp (1.2.1)
      net-ssh (>= 2.6.5)
    net-ssh (2.9.2)
    safe_yaml (1.0.4)
    thor (0.19.1)

PLATFORMS
  ruby

DEPENDENCIES
  kitchen-docker_cli
  test-kitchen!
